GEM
  remote: https://rubygems.org/
  specs:
    evernote-thrift (1.25.1)
    evernote_oauth (0.2.3)
      evernote-thrift
      oauth (>= 0.4.1)
    mysql2 (0.4.0)
    oauth (0.4.7)
    rake (10.4.2)

PLATFORMS
  ruby

DEPENDENCIES
  evernote_oauth
  mysql2
  rake

BUNDLED WITH
   1.10.6
