GEM
  remote: https://rubygems.org/
  specs:
    evernote-thrift (1.25.1)
    evernote_oauth (0.2.3)
      evernote-thrift
      oauth (>= 0.4.1)
    mini_portile (0.6.2)
    minitest (5.4.3)
    mysql2 (0.4.0)
    nokogiri (1.6.6.2)
      mini_portile (~> 0.6.0)
    oauth (0.4.7)
    rake (10.4.2)

PLATFORMS
  ruby

DEPENDENCIES
  evernote_oauth
  minitest
  mysql2
  nokogiri
  rake

BUNDLED WITH
   1.10.6
